GEM
  remote: https://rubygems.org/
  specs:
    nokogiri (1.13.1-x86_64-linux)
      racc (~> 1.4)
    racc (1.6.0)
    rubyXL (3.4.20)
      nokogiri (>= 1.10.8)
      rubyzip (>= 1.3.0)
    rubyzip (2.3.2)

PLATFORMS
  x86_64-linux

DEPENDENCIES
  rubyXL (~> 3.4)

BUNDLED WITH
   2.2.32
